PATH
  remote: ../../../
  specs:
    printfection (1.0.0)
      hashie (~> 3.3.1)
      rest-client (~> 1.7.2)

GEM
  remote: https://rubygems.org/
  specs:
    hashie (3.3.2)
    mime-types (2.4.3)
    netrc (0.8.0)
    rack (1.5.2)
    rack-protection (1.5.3)
      rack
    rest-client (1.7.2)
      mime-types (>= 1.16, < 3.0)
      netrc (~> 0.7)
    sinatra (1.4.5)
      rack (~> 1.4)
      rack-protection (~> 1.4)
      tilt (~> 1.3, >= 1.3.4)
    tilt (1.4.1)

PLATFORMS
  ruby

DEPENDENCIES
  printfection!
  sinatra
